GEM
  remote: https://rubygems.org/
  specs:
    breakpoint (2.4.1)
      compass (~> 1.0.0.alpha.13)
      sass (~> 3.3.0.rc.2)
      sassy-maps (< 1.0.0)
    chunky_png (1.2.9)
    color-schemer (0.2.8)
      compass-blend-modes (~> 0.0.2)
    compass (1.0.0.alpha.18)
      chunky_png (~> 1.2)
      compass-core (~> 1.0.0.alpha.17)
      compass-import-once (~> 1.0.2)
      json
      listen (~> 1.1.0)
      sass (~> 3.3.0.rc.3)
    compass-blend-modes (0.0.2)
      compass
    compass-core (1.0.0.alpha.17)
      multi_json (~> 1.0)
      sass (>= 3.3.rc.3)
    compass-import-once (1.0.2)
    ffi (1.9.3)
    json (1.8.1)
    listen (1.1.6)
      rb-fsevent (>= 0.9.3)
      rb-inotify (>= 0.9)
      rb-kqueue (>= 0.2)
    multi_json (1.8.4)
    rb-fsevent (0.9.4)
    rb-inotify (0.9.3)
      ffi (>= 0.5.0)
    rb-kqueue (0.2.0)
      ffi (>= 0.5.0)
    sass (3.3.0.rc.3)
    sassy-maps (0.3.1)
      compass (~> 1.0.0.alpha.13)
      sass (~> 3.3.0.rc.2)
    singularitygs (1.2.0.rc.3)
      breakpoint (>= 2.4.0)
      compass (~> 1.0.0.alpha.13)
      sass (~> 3.3.0.rc.2)
    style-prototypes (2.0.0.alpha.2)
      color-schemer (~> 0.2.8)
      compass (~> 1.0.0.alpha.17)
      sass (~> 3.3.0.rc.2)
      singularitygs (~> 1.2.0.rc.1)
      toolkit (~> 2.0.0.alpha.5)
    toolkit (2.0.0.alpha.7)
      compass (~> 1.0.0.alpha.17)
      sass (~> 3.3.0.rc.2)

PLATFORMS
  ruby

DEPENDENCIES
  style-prototypes (~> 2.0.0.alpha.2)
